<<<<<<< HEAD
GIT
  remote: git://github.com/sferik/rails_admin.git
  revision: 5d613fb453ab6f2d49f852c26690874324e42dcf
  specs:
    rails_admin (0.2.0)
      bootstrap-sass (~> 2.1)
      builder (~> 3.0)
      coffee-rails (~> 3.1)
      font-awesome-sass-rails (~> 2.0)
      haml (~> 3.1)
      jquery-rails (~> 2.1)
      jquery-ui-rails (~> 2.0)
      kaminari (~> 0.14)
      nested_form (~> 0.2.3)
      rack-pjax (~> 0.6)
      rails (~> 3.1)
      remotipart (~> 1.0)
      sass-rails (~> 3.1)

=======
>>>>>>> ac552fa482dc1261f5c2d40ca170ac3a5bdb2e02
GEM
  remote: https://rubygems.org/
  specs:
    actionmailer (3.2.8)
      actionpack (= 3.2.8)
      mail (~> 2.4.4)
    actionpack (3.2.8)
      activemodel (= 3.2.8)
      activesupport (= 3.2.8)
      builder (~> 3.0.0)
      erubis (~> 2.7.0)
      journey (~> 1.0.4)
      rack (~> 1.4.0)
      rack-cache (~> 1.2)
      rack-test (~> 0.6.1)
      sprockets (~> 2.1.3)
    activemodel (3.2.8)
      activesupport (= 3.2.8)
      builder (~> 3.0.0)
    activerecord (3.2.8)
      activemodel (= 3.2.8)
      activesupport (= 3.2.8)
      arel (~> 3.0.2)
      tzinfo (~> 0.3.29)
    activeresource (3.2.8)
      activemodel (= 3.2.8)
      activesupport (= 3.2.8)
    activesupport (3.2.8)
      i18n (~> 0.6)
      multi_json (~> 1.0)
    arel (3.0.2)
<<<<<<< HEAD
    aws-sdk (1.7.1)
=======
    aws-sdk (1.6.9)
>>>>>>> ac552fa482dc1261f5c2d40ca170ac3a5bdb2e02
      httparty (~> 0.7)
      json (~> 1.4)
      nokogiri (>= 1.4.4)
      uuidtools (~> 2.1)
<<<<<<< HEAD
    bcrypt-ruby (3.0.1)
    bootstrap-sass (2.2.1.1)
      sass (~> 3.2)
=======
>>>>>>> ac552fa482dc1261f5c2d40ca170ac3a5bdb2e02
    builder (3.0.4)
    cocaine (0.4.2)
    coffee-rails (3.2.2)
      coffee-script (>= 2.2.0)
      railties (~> 3.2.0)
    coffee-script (2.2.0)
      coffee-script-source
      execjs
<<<<<<< HEAD
    coffee-script-source (1.4.0)
    devise (2.1.2)
      bcrypt-ruby (~> 3.0)
      orm_adapter (~> 0.1)
      railties (~> 3.1)
      warden (~> 1.2.1)
    erubis (2.7.0)
    execjs (1.4.0)
      multi_json (~> 1.0)
    fastercsv (1.5.5)
    font-awesome-sass-rails (2.0.0.0)
      railties (>= 3.1.1)
      sass-rails (>= 3.1.1)
    haml (3.1.7)
=======
    coffee-script-source (1.3.3)
    erubis (2.7.0)
    execjs (1.4.0)
      multi_json (~> 1.0)
>>>>>>> ac552fa482dc1261f5c2d40ca170ac3a5bdb2e02
    hike (1.2.1)
    httparty (0.9.0)
      multi_json (~> 1.0)
      multi_xml
    i18n (0.6.1)
    journey (1.0.4)
    jquery-rails (2.1.3)
      railties (>= 3.1.0, < 5.0)
      thor (~> 0.14)
<<<<<<< HEAD
    jquery-ui-rails (2.0.2)
      jquery-rails
      railties (>= 3.1.0)
    json (1.7.5)
    kaminari (0.14.1)
      actionpack (>= 3.0.0)
      activesupport (>= 3.0.0)
=======
    json (1.7.5)
>>>>>>> ac552fa482dc1261f5c2d40ca170ac3a5bdb2e02
    mail (2.4.4)
      i18n (>= 0.4.0)
      mime-types (~> 1.16)
      treetop (~> 1.4.8)
    mime-types (1.19)
<<<<<<< HEAD
    multi_json (1.3.7)
    multi_xml (0.5.1)
    nested_form (0.2.3)
    nokogiri (1.5.5)
    orm_adapter (0.4.0)
=======
    multi_json (1.3.6)
    multi_xml (0.5.1)
    nokogiri (1.5.5)
>>>>>>> ac552fa482dc1261f5c2d40ca170ac3a5bdb2e02
    paperclip (2.8.0)
      activerecord (>= 2.3.0)
      activesupport (>= 2.3.2)
      cocaine (>= 0.0.2)
      mime-types
    pg (0.14.1)
    polyglot (0.3.3)
    rack (1.4.1)
    rack-cache (1.2)
      rack (>= 0.4)
<<<<<<< HEAD
    rack-pjax (0.6.0)
      nokogiri (~> 1.5)
      rack (~> 1.3)
=======
>>>>>>> ac552fa482dc1261f5c2d40ca170ac3a5bdb2e02
    rack-ssl (1.3.2)
      rack
    rack-test (0.6.2)
      rack (>= 1.0)
    rails (3.2.8)
      actionmailer (= 3.2.8)
      actionpack (= 3.2.8)
      activerecord (= 3.2.8)
      activeresource (= 3.2.8)
      activesupport (= 3.2.8)
      bundler (~> 1.0)
      railties (= 3.2.8)
    railties (3.2.8)
      actionpack (= 3.2.8)
      activesupport (= 3.2.8)
      rack-ssl (~> 1.3.2)
      rake (>= 0.8.7)
      rdoc (~> 3.4)
      thor (>= 0.14.6, < 2.0)
<<<<<<< HEAD
    rake (10.0.1)
    rdoc (3.12)
      json (~> 1.4)
    remotipart (1.0.2)
    sass (3.2.3)
=======
    rake (0.9.2.2)
    rdoc (3.12)
      json (~> 1.4)
    remotipart (0.4.2)
    sass (3.2.1)
>>>>>>> ac552fa482dc1261f5c2d40ca170ac3a5bdb2e02
    sass-rails (3.2.5)
      railties (~> 3.2.0)
      sass (>= 3.1.10)
      tilt (~> 1.3)
    sprockets (2.1.3)
      hike (~> 1.2)
      rack (~> 1.0)
      tilt (~> 1.1, != 1.3.0)
    sqlite3 (1.3.6)
    therubyracer-heroku (0.8.1.pre3)
    thor (0.16.0)
    tilt (1.3.3)
<<<<<<< HEAD
    treetop (1.4.12)
      polyglot
      polyglot (>= 0.3.1)
    tzinfo (0.3.35)
=======
    treetop (1.4.11)
      polyglot
      polyglot (>= 0.3.1)
    tzinfo (0.3.33)
>>>>>>> ac552fa482dc1261f5c2d40ca170ac3a5bdb2e02
    uglifier (1.3.0)
      execjs (>= 0.3.0)
      multi_json (~> 1.0, >= 1.0.2)
    uuidtools (2.1.3)
<<<<<<< HEAD
    warden (1.2.1)
      rack (>= 1.0)
=======
>>>>>>> ac552fa482dc1261f5c2d40ca170ac3a5bdb2e02

PLATFORMS
  ruby

DEPENDENCIES
  aws-sdk
  coffee-rails (~> 3.2.1)
<<<<<<< HEAD
  devise
  fastercsv
=======
>>>>>>> ac552fa482dc1261f5c2d40ca170ac3a5bdb2e02
  jquery-rails
  json
  paperclip (~> 2.7)
  pg
  rails (= 3.2.8)
<<<<<<< HEAD
  rails_admin!
  remotipart
=======
  remotipart (~> 0.4)
>>>>>>> ac552fa482dc1261f5c2d40ca170ac3a5bdb2e02
  sass-rails (~> 3.2.3)
  sqlite3
  therubyracer-heroku (~> 0.8.1.pre3)
  uglifier (>= 1.0.3)
